PATH
  remote: .
  specs:
    css_parser (1.3.6)
      addressable

GEM
  remote: https://rubygems.org/
  specs:
    addressable (2.3.6)
    bouncy-castle-java (1.5.0146.1)
    bump (0.3.12)
    jruby-openssl (0.7.6.1)
      bouncy-castle-java (>= 1.5.0146.1)
    rake (0.9.2.2)
    test-unit (2.5.4)

PLATFORMS
  java
  ruby

DEPENDENCIES
  bump
  css_parser!
  jruby-openssl
  rake
  test-unit (>= 2.5.3)
